GEM
  remote: https://rubygems.org/
  specs:
    pg (1.0.0)
    rake (12.3.1)

PLATFORMS
  ruby

DEPENDENCIES
  pg
  rake

BUNDLED WITH
   1.16.1
